GEM
  remote: https://rubygems.org/
  specs:
    httparty (0.18.1)
      mime-types (~> 3.0)
      multi_xml (>= 0.5.2)
    mime-types (3.3.1)
      mime-types-data (~> 3.2015)
    mime-types-data (3.2021.0225)
    multi_xml (0.6.0)
    nio4r (2.5.7)
    puma (5.2.2)
      nio4r (~> 2.0)
    rack (2.2.3)
    redis (4.2.5)
    roda (3.43.1)
      rack

PLATFORMS
  x86_64-darwin-20

DEPENDENCIES
  httparty
  puma
  redis
  roda

BUNDLED WITH
   2.2.3
